GEM
  remote: https://rubygems.org/
  specs:
    addressable (2.3.8)
    breakpoint (2.5.0)
      sass (~> 3.3)
      sassy-maps (< 1.0.0)
    chunky_png (1.3.4)
    compass (1.0.3)
      chunky_png (~> 1.2)
      compass-core (~> 1.0.2)
      compass-import-once (~> 1.0.5)
      rb-fsevent (>= 0.9.3)
      rb-inotify (>= 0.9)
      sass (>= 3.3.13, < 3.5)
    compass-core (1.0.3)
      multi_json (~> 1.0)
      sass (>= 3.3.0, < 3.5)
    compass-import-once (1.0.5)
      sass (>= 3.2, < 3.5)
    compass-normalize (1.5)
      compass (>= 0.12.0)
    compass-rgbapng (0.2.1)
      chunky_png (>= 0.8.0)
      compass (>= 0.10.0)
    css_parser (1.3.7)
      addressable
    ffi (1.9.10)
    multi_json (1.11.2)
    rb-fsevent (0.9.6)
    rb-inotify (0.9.5)
      ffi (>= 0.5.0)
    sass (3.4.19)
    sassy-maps (0.4.0)
      sass (~> 3.3)
    singularitygs (1.6.2)
      breakpoint (~> 2.4)
      sass (~> 3.3)
    susy (2.2.6)
      sass (>= 3.3.0, < 3.5)
    toolkit (2.9.0)
      sass (~> 3.3)

PLATFORMS
  ruby

DEPENDENCIES
  breakpoint
  compass
  compass-normalize
  compass-rgbapng
  css_parser
  sass
  singularitygs
  susy
  toolkit
